GEM
  remote: https://rubygems.org/
  specs:
    wasm (0.0.2)

PLATFORMS
  ruby

DEPENDENCIES
  wasm

BUNDLED WITH
   2.0.1
